GIT
  remote: git://github.com/chriseppstein/compass.git
  revision: 0e33bde
  specs:
    compass (0.11.alpha.0.0e33bde)
      haml (>= 3.0.4)

GIT
  remote: git://github.com/jnicklas/carrierwave.git
  revision: eb6e799
  specs:
    carrierwave (0.5.0.beta2)
      activesupport (>= 3.0.0.beta4)

GIT
  remote: git://github.com/mattbeedle/mongo_session_store.git
  revision: 392445a
  specs:
    mongo_session_store (1.1.2)
      actionpack (>= 2.3)

GIT
  remote: git://github.com/mattbeedle/mongoid.git
  revision: b1d08b5
  branch: development
  specs:
    mongoid (2.0.0.beta.16)
      activemodel (= 3.0.0.rc)
      bson (= 1.0.4)
      mongo (= 1.0.7)
      tzinfo (= 0.3.22)
      will_paginate (~> 3.0.pre)

GIT
  remote: git://github.com/plataformatec/devise.git
  revision: 6754ae7
  specs:
    devise (1.2.0)
      bcrypt-ruby (~> 2.1.2)
      warden (~> 0.10.7)

GIT
  remote: git://github.com/rails/rails.git
  revision: 072cd60
  specs:
    actionmailer (3.0.0.rc)
      actionpack (= 3.0.0.rc)
      mail (~> 2.2.5)
    actionpack (3.0.0.rc)
      activemodel (= 3.0.0.rc)
      activesupport (= 3.0.0.rc)
      builder (~> 2.1.2)
      erubis (~> 2.6.6)
      i18n (~> 0.4.1)
      rack (~> 1.2.1)
      rack-mount (~> 0.6.9)
      rack-test (~> 0.5.4)
      tzinfo (~> 0.3.22)
    activemodel (3.0.0.rc)
      activesupport (= 3.0.0.rc)
      builder (~> 2.1.2)
      i18n (~> 0.4.1)
    activerecord (3.0.0.rc)
      activemodel (= 3.0.0.rc)
      activesupport (= 3.0.0.rc)
      arel (~> 0.4.0)
      tzinfo (~> 0.3.22)
    activeresource (3.0.0.rc)
      activemodel (= 3.0.0.rc)
      activesupport (= 3.0.0.rc)
    activesupport (3.0.0.rc)
    rails (3.0.0.rc)
      actionmailer (= 3.0.0.rc)
      actionpack (= 3.0.0.rc)
      activerecord (= 3.0.0.rc)
      activeresource (= 3.0.0.rc)
      activesupport (= 3.0.0.rc)
      bundler (>= 1.0.0.rc.2)
      railties (= 3.0.0.rc)
    railties (3.0.0.rc)
      actionpack (= 3.0.0.rc)
      activesupport (= 3.0.0.rc)
      rake (>= 0.8.3)
      thor (~> 0.14.0)

GEM
  remote: http://rubygems.org/
  specs:
    ZenTest (4.3.3)
    abstract (1.0.0)
    arel (0.4.0)
      activesupport (>= 3.0.0.beta)
    autotest-rails (4.1.0)
      ZenTest
    bcrypt-ruby (2.1.2)
    beanstalk-client (1.0.2)
    bson (1.0.4)
    bson_ext (1.0.4)
    builder (2.1.2)
    capybara (0.3.9)
      culerity (>= 0.2.4)
      mime-types (>= 1.16)
      nokogiri (>= 1.3.3)
      rack (>= 1.0.0)
      rack-test (>= 0.5.4)
      selenium-webdriver (>= 0.0.3)
    chronic (0.2.3)
      hoe (>= 1.2.1)
    configuration (1.1.0)
    cucumber (0.8.5)
      builder (~> 2.1.2)
      diff-lcs (~> 1.1.2)
      gherkin (~> 2.1.4)
      json_pure (~> 1.4.3)
      term-ansicolor (~> 1.0.4)
    cucumber-rails (0.3.2)
      cucumber (>= 0.8.0)
    culerity (0.2.10)
    diff-lcs (1.1.2)
    erubis (2.6.6)
      abstract (>= 1.0.0)
    faker (0.3.1)
    fakeweb (1.2.8)
    ffi (0.6.3)
      rake (>= 0.8.7)
    gherkin (2.1.5)
      trollop (~> 1.16.2)
    haml (3.0.17)
    has_constant (0.2.6)
    has_scope (0.5.0)
    hoe (2.6.1)
      rake (>= 0.8.7)
      rubyforge (>= 2.0.4)
    i18n (0.4.1)
    inherited_resources (1.1.2)
      has_scope (~> 0.5.0)
      responders (~> 0.6.0)
    json_pure (1.4.6)
    launchy (0.3.7)
      configuration (>= 0.0.5)
      rake (>= 0.8.1)
    macaddr (1.0.0)
    machinist (1.0.6)
    machinist_mongo (1.1.1)
      machinist (~> 1.0.4)
    mail (2.2.5)
      activesupport (>= 2.3.6)
      mime-types
      treetop (>= 1.4.5)
    memcached (0.20.1)
    mime-types (1.16)
    mocha (0.9.8)
      rake
    mongo (1.0.7)
      bson (>= 1.0.4)
    navvy (0.3.1)
    nokogiri (1.4.3.1)
    pickle (0.4.0)
      cucumber (>= 0.8)
      rake
      rspec (>= 1.3)
      yard
    pickle-mongoid (0.1.6)
      mongoid (>= 2.0.0.beta.7)
      pickle (>= 0.3.0)
    polyglot (0.3.1)
    rack (1.2.1)
    rack-mount (0.6.9)
      rack (>= 1.0.0)
    rack-test (0.5.4)
      rack (>= 1.0)
    rake (0.8.7)
    redgreen (1.2.2)
    responders (0.6.2)
    riddle (1.0.12)
    rspec (1.3.0)
    rubyforge (2.0.4)
      json_pure (>= 1.1.7)
    rubyzip (0.9.4)
    selenium-webdriver (0.0.27)
      ffi (>= 0.6.1)
      json_pure
      rubyzip
    shoulda (2.11.3)
    simple_form (1.2.2)
    smurf (1.0.4)
    spork (0.8.4)
    sqlite3-ruby (1.3.1)
    term-ansicolor (1.0.5)
    thor (0.14.0)
    treetop (1.4.8)
      polyglot (>= 0.3.1)
    trollop (1.16.2)
    tzinfo (0.3.22)
    uuid (2.3.1)
      macaddr (~> 1.0)
    warden (0.10.7)
      rack (>= 1.0.0)
    will_paginate (3.0.pre)
    wirble (0.1.3)
    yard (0.5.8)

PLATFORMS
  ruby

DEPENDENCIES
  autotest-rails
  beanstalk-client
  bson
  bson_ext
  capybara
  carrierwave!
  chronic
  compass!
  cucumber
  cucumber-rails
  devise!
  faker
  fakeweb
  haml
  has_constant
  has_scope
  inherited_resources
  launchy
  machinist_mongo
  mail
  memcached
  mocha
  mongo
  mongo_session_store!
  mongoid!
  navvy
  pickle
  pickle-mongoid
  rails!
  redgreen
  riddle
  shoulda
  simple_form
  smurf
  spork
  sqlite3-ruby
  uuid
  warden
  will_paginate (= 3.0.pre)
  wirble
